PATH
  remote: .
  specs:
    generic_notifications_rails (0.0.1)

GEM
  remote: https://rubygems.org/
  specs:
    sqlite3 (1.4.0)

PLATFORMS
  ruby

DEPENDENCIES
  generic_notifications_rails!
  sqlite3

BUNDLED WITH
   2.0.1
